{
  "aor": 0.002187089947089947,
  "aqi": 0.0099246891005291,
  "bids_meta": {
    "AcquisitionMatrixPE": 64,
    "BodyPartExamined": "HEAD",
    "EchoTime": 0.03,
    "EffectiveEchoSpacing": 0.000510004,
    "FlipAngle": 90,
    "ImageType": [
      "ORIGINAL",
      "PRIMARY",
      "M",
      "ND",
      "MOSAIC"
    ],
    "InPlanePhaseEncodingDirectionDICOM": "ROW",
    "Instructions": "Lie still with eyes closed, don't keep yourself busy with any specific mental task, just follow the stream of your thoughts.",
    "MRAcquisitionType": "2D",
    "MagneticFieldStrength": 3,
    "Manufacturer": "Siemens",
    "ManufacturersModelName": "Verio",
    "PatientPosition": "HFS",
    "PercentPhaseFOV": 100,
    "PhaseEncodingDirection": "i",
    "PhaseEncodingSteps": 64,
    "ReconMatrixPE": 64,
    "RepetitionTime": 2.4,
    "ScanOptions": "FS",
    "ScanningSequence": "EP",
    "SequenceVariant": "SK",
    "SliceThickness": 3,
    "SliceTiming": [
      1.205,
      0,
      1.2725,
      0.0675,
      1.3375,
      0.135,
      1.405,
      0.2,
      1.4725,
      0.2675,
      1.54,
      0.335,
      1.605,
      0.4025,
      1.6725,
      0.4675,
      1.74,
      0.535,
      1.8075,
      0.6025,
      1.875,
      0.67,
      1.94,
      0.7375,
      2.0075,
      0.8025,
      2.075,
      0.87,
      2.1425,
      0.9375,
      2.2075,
      1.005,
      2.275,
      1.07,
      2.3425,
      1.1375
    ],
    "SpacingBetweenSlices": 3.75,
    "TaskName": "rest",
    "TotalReadoutTime": 0.0321303,
    "dataset": "ds004101",
    "modality": "bold",
    "session_id": "2post",
    "subject_id": "10570",
    "task_id": "rest"
  },
  "dummy_trs": 0,
  "dvars_nstd": 33.227195800797865,
  "dvars_std": 1.1905441931914895,
  "dvars_vstd": 0.9680195177127656,
  "efc": 0.5596231324966445,
  "fber": 568.9840698242188,
  "fd_mean": 0.21526240526472007,
  "fd_num": 56,
  "fd_perc": 29.62962962962963,
  "fwhm_avg": 1.9558850726681767,
  "fwhm_x": 1.9006966666666667,
  "fwhm_y": 2.1529933333333333,
  "fwhm_z": 1.8139652180045307,
  "gcor": 0.0158842,
  "gsr_x": -0.011444942094385624,
  "gsr_y": 0.040726177394390106,
  "provenance": {
    "md5sum": "b994829201f83e132206feeaf45aa80e",
    "settings": {
      "fd_thres": 0.2,
      "testing": false
    },
    "software": "mriqc",
    "version": "23.0.1",
    "webapi_port": null,
    "webapi_url": "https://mriqc.nimh.nih.gov/api/v1"
  },
  "size_t": 189,
  "size_x": 64,
  "size_y": 64,
  "size_z": 36,
  "snr": 4.704233838023292,
  "spacing_tr": 2.4000000953674316,
  "spacing_x": 3.0,
  "spacing_y": 3.0,
  "spacing_z": 3.750000238418579,
  "summary_bg_k": 48.317321299691606,
  "summary_bg_mad": 9.949605580323407,
  "summary_bg_mean": 62.81867980957031,
  "summary_bg_median": 36.862613677978516,
  "summary_bg_n": 84721.0,
  "summary_bg_p05": 28.205881118774414,
  "summary_bg_p95": 188.02090454101562,
  "summary_bg_stdv": 79.90141296386719,
  "summary_fg_k": 1.4990439515158496,
  "summary_fg_mad": 157.1523965089874,
  "summary_fg_mean": 911.7958374023438,
  "summary_fg_median": 892.997314453125,
  "summary_fg_n": 28951.0,
  "summary_fg_p05": 635.6034851074219,
  "summary_fg_p95": 1260.1965942382812,
  "summary_fg_stdv": 189.8251495361328,
  "tsnr": 51.171485900878906
}