{
  "aor": 0.0007233862433862435,
  "aqi": 0.01247720888888889,
  "bids_meta": {
    "AcquisitionMatrixPE": 64,
    "BodyPartExamined": "HEAD",
    "EchoTime": 0.03,
    "EffectiveEchoSpacing": 0.000510004,
    "FlipAngle": 90,
    "ImageType": [
      "ORIGINAL",
      "PRIMARY",
      "M",
      "ND",
      "MOSAIC"
    ],
    "InPlanePhaseEncodingDirectionDICOM": "ROW",
    "Instructions": "Lie still with eyes closed, don't keep yourself busy with any specific mental task, just follow the stream of your thoughts.",
    "MRAcquisitionType": "2D",
    "MagneticFieldStrength": 3,
    "Manufacturer": "Siemens",
    "ManufacturersModelName": "Verio",
    "PatientPosition": "HFS",
    "PercentPhaseFOV": 100,
    "PhaseEncodingDirection": "i",
    "PhaseEncodingSteps": 64,
    "ReconMatrixPE": 64,
    "RepetitionTime": 2.4,
    "ScanOptions": "FS",
    "ScanningSequence": "EP",
    "SequenceVariant": "SK",
    "SliceThickness": 3,
    "SliceTiming": [
      1.205,
      0,
      1.2725,
      0.0675,
      1.3375,
      0.135,
      1.405,
      0.2,
      1.4725,
      0.2675,
      1.54,
      0.335,
      1.605,
      0.4025,
      1.6725,
      0.4675,
      1.74,
      0.535,
      1.8075,
      0.6025,
      1.875,
      0.67,
      1.94,
      0.7375,
      2.0075,
      0.8025,
      2.075,
      0.87,
      2.1425,
      0.9375,
      2.2075,
      1.005,
      2.275,
      1.07,
      2.3425,
      1.1375
    ],
    "SpacingBetweenSlices": 3.75,
    "TaskName": "rest",
    "TotalReadoutTime": 0.0321303,
    "dataset": "ds004101",
    "modality": "bold",
    "session_id": "1pre",
    "subject_id": "10332",
    "task_id": "rest"
  },
  "dummy_trs": 0,
  "dvars_nstd": 40.59417943744683,
  "dvars_std": 1.1831098535638291,
  "dvars_vstd": 0.9696231957446805,
  "efc": 0.5544781744002663,
  "fber": 427.9761047363281,
  "fd_mean": 0.2395122676039075,
  "fd_num": 99,
  "fd_perc": 52.38095238095238,
  "fwhm_avg": 2.028309777777778,
  "fwhm_x": 2.01418,
  "fwhm_y": 2.1639466666666665,
  "fwhm_z": 1.9068026666666666,
  "gcor": 0.00911987,
  "gsr_x": -0.004415210802108049,
  "gsr_y": 0.03191676735877991,
  "provenance": {
    "md5sum": "25072b319de9e3b40cef7918afb8d12c",
    "settings": {
      "fd_thres": 0.2,
      "testing": false
    },
    "software": "mriqc",
    "version": "23.0.1",
    "webapi_port": null,
    "webapi_url": "https://mriqc.nimh.nih.gov/api/v1"
  },
  "size_t": 189,
  "size_x": 64,
  "size_y": 64,
  "size_z": 36,
  "snr": 4.908629945471589,
  "spacing_tr": 2.4000000953674316,
  "spacing_x": 3.0,
  "spacing_y": 3.0,
  "spacing_z": 3.75,
  "summary_bg_k": 52.93064270735006,
  "summary_bg_mad": 11.464456478371241,
  "summary_bg_mean": 58.29929733276367,
  "summary_bg_median": 37.904563903808594,
  "summary_bg_n": 88178.0,
  "summary_bg_p05": 29.13111228942871,
  "summary_bg_p95": 156.2522560119628,
  "summary_bg_stdv": 60.57328414916992,
  "summary_fg_k": 0.8836113026502281,
  "summary_fg_mad": 138.68076912514385,
  "summary_fg_mean": 807.907470703125,
  "summary_fg_median": 795.7698974609375,
  "summary_fg_n": 26585.0,
  "summary_fg_p05": 552.0197998046875,
  "summary_fg_p95": 1099.1467529296874,
  "summary_fg_stdv": 162.1134490966797,
  "tsnr": 43.1515007019043
}