{
  "aor": 0.0018708994708994708,
  "aqi": 0.008332944391534392,
  "bids_meta": {
    "AcquisitionMatrixPE": 64,
    "BodyPartExamined": "HEAD",
    "EchoTime": 0.03,
    "EffectiveEchoSpacing": 0.000510004,
    "FlipAngle": 90,
    "ImageType": [
      "ORIGINAL",
      "PRIMARY",
      "M",
      "ND",
      "MOSAIC"
    ],
    "InPlanePhaseEncodingDirectionDICOM": "ROW",
    "Instructions": "Lie still with eyes closed, don't keep yourself busy with any specific mental task, just follow the stream of your thoughts.",
    "MRAcquisitionType": "2D",
    "MagneticFieldStrength": 3,
    "Manufacturer": "Siemens",
    "ManufacturersModelName": "Verio",
    "PatientPosition": "HFS",
    "PercentPhaseFOV": 100,
    "PhaseEncodingDirection": "i",
    "PhaseEncodingSteps": 64,
    "ReconMatrixPE": 64,
    "RepetitionTime": 2.4,
    "ScanOptions": "FS",
    "ScanningSequence": "EP",
    "SequenceVariant": "SK",
    "SliceThickness": 3,
    "SliceTiming": [
      1.205,
      0,
      1.2725,
      0.0675,
      1.3375,
      0.135,
      1.405,
      0.2,
      1.4725,
      0.2675,
      1.54,
      0.335,
      1.605,
      0.4025,
      1.6725,
      0.4675,
      1.74,
      0.535,
      1.8075,
      0.6025,
      1.875,
      0.67,
      1.94,
      0.7375,
      2.0075,
      0.8025,
      2.075,
      0.87,
      2.1425,
      0.9375,
      2.2075,
      1.005,
      2.275,
      1.07,
      2.3425,
      1.1375
    ],
    "SpacingBetweenSlices": 3.75,
    "TaskName": "rest",
    "TotalReadoutTime": 0.0321303,
    "dataset": "ds004101",
    "modality": "bold",
    "session_id": "1pre",
    "subject_id": "09380",
    "task_id": "rest"
  },
  "dummy_trs": 0,
  "dvars_nstd": 28.40509698765958,
  "dvars_std": 1.1060533138297872,
  "dvars_vstd": 0.9668426624999996,
  "efc": 0.5552392685659112,
  "fber": 367.81732177734375,
  "fd_mean": 0.1776969523576822,
  "fd_num": 54,
  "fd_perc": 28.571428571428573,
  "fwhm_avg": 1.922501501713139,
  "fwhm_x": 1.9659066666666665,
  "fwhm_y": 2.0324831718060836,
  "fwhm_z": 1.7691146666666666,
  "gcor": 0.146938,
  "gsr_x": 0.038128890097141266,
  "gsr_y": 0.014864777214825153,
  "provenance": {
    "md5sum": "b0a9de4ab662d882e7d4bef14042e8ee",
    "settings": {
      "fd_thres": 0.2,
      "testing": false
    },
    "software": "mriqc",
    "version": "23.0.1",
    "webapi_port": null,
    "webapi_url": "https://mriqc.nimh.nih.gov/api/v1"
  },
  "size_t": 189,
  "size_x": 64,
  "size_y": 64,
  "size_z": 36,
  "snr": 4.533730965961312,
  "spacing_tr": 2.4000000953674316,
  "spacing_x": 3.0,
  "spacing_y": 3.000000238418579,
  "spacing_z": 3.75,
  "summary_bg_k": 67.95728752538136,
  "summary_bg_mad": 20.434628600770207,
  "summary_bg_mean": 64.66877746582031,
  "summary_bg_median": 44.15346908569336,
  "summary_bg_n": 88135.0,
  "summary_bg_p05": 28.78792781829834,
  "summary_bg_p95": 160.65231018066407,
  "summary_bg_stdv": 64.65946960449219,
  "summary_fg_k": 1.1172544093396768,
  "summary_fg_mad": 162.11382927487028,
  "summary_fg_mean": 847.46728515625,
  "summary_fg_median": 831.117919921875,
  "summary_fg_n": 26582.0,
  "summary_fg_p05": 581.8407409667968,
  "summary_fg_p95": 1179.4021118164062,
  "summary_fg_stdv": 183.3153076171875,
  "tsnr": 43.79617691040039
}