{
  "aor": 0.0017277777777777777,
  "aqi": 0.007671868201058201,
  "bids_meta": {
    "AcquisitionMatrixPE": 64,
    "BodyPartExamined": "HEAD",
    "EchoTime": 0.03,
    "EffectiveEchoSpacing": 0.000510004,
    "FlipAngle": 90,
    "ImageType": [
      "ORIGINAL",
      "PRIMARY",
      "M",
      "ND",
      "MOSAIC"
    ],
    "InPlanePhaseEncodingDirectionDICOM": "ROW",
    "Instructions": "Lie still with eyes closed, don't keep yourself busy with any specific mental task, just follow the stream of your thoughts.",
    "MRAcquisitionType": "2D",
    "MagneticFieldStrength": 3,
    "Manufacturer": "Siemens",
    "ManufacturersModelName": "Verio",
    "PatientPosition": "HFS",
    "PercentPhaseFOV": 100,
    "PhaseEncodingDirection": "i",
    "PhaseEncodingSteps": 64,
    "ReconMatrixPE": 64,
    "RepetitionTime": 2.4,
    "ScanOptions": "FS",
    "ScanningSequence": "EP",
    "SequenceVariant": "SK",
    "SliceThickness": 3,
    "SliceTiming": [
      1.205,
      0,
      1.2725,
      0.0675,
      1.3375,
      0.135,
      1.405,
      0.2,
      1.4725,
      0.2675,
      1.54,
      0.335,
      1.605,
      0.4025,
      1.6725,
      0.4675,
      1.74,
      0.535,
      1.8075,
      0.6025,
      1.875,
      0.67,
      1.94,
      0.7375,
      2.0075,
      0.8025,
      2.075,
      0.87,
      2.1425,
      0.9375,
      2.2075,
      1.005,
      2.275,
      1.07,
      2.3425,
      1.1375
    ],
    "SpacingBetweenSlices": 3.75,
    "TaskName": "rest",
    "TotalReadoutTime": 0.0321303,
    "dataset": "ds004101",
    "modality": "bold",
    "session_id": "1pre",
    "subject_id": "09260",
    "task_id": "rest"
  },
  "dummy_trs": 0,
  "dvars_nstd": 21.95562284515959,
  "dvars_std": 1.1015123548404264,
  "dvars_vstd": 0.9918236555319152,
  "efc": 0.5461041085663588,
  "fber": 428.9350891113281,
  "fd_mean": 0.09301332097362161,
  "fd_num": 10,
  "fd_perc": 5.291005291005291,
  "fwhm_avg": 1.9913044290660116,
  "fwhm_x": 2.006396666666667,
  "fwhm_y": 2.085849834231549,
  "fwhm_z": 1.881666786299819,
  "gcor": 0.157286,
  "gsr_x": 0.037127044051885605,
  "gsr_y": 0.009114209562540054,
  "provenance": {
    "md5sum": "14837afcaf4ea0c1983410e2c0db6b0b",
    "settings": {
      "fd_thres": 0.2,
      "testing": false
    },
    "software": "mriqc",
    "version": "23.0.1",
    "webapi_port": null,
    "webapi_url": "https://mriqc.nimh.nih.gov/api/v1"
  },
  "size_t": 189,
  "size_x": 64,
  "size_y": 64,
  "size_z": 36,
  "snr": 5.328119078052726,
  "spacing_tr": 2.4000000953674316,
  "spacing_x": 3.0,
  "spacing_y": 3.000000238418579,
  "spacing_z": 3.749999761581421,
  "summary_bg_k": 68.41721663587467,
  "summary_bg_mad": 16.974396752564203,
  "summary_bg_mean": 60.365577697753906,
  "summary_bg_median": 39.9200439453125,
  "summary_bg_n": 89884.0,
  "summary_bg_p05": 27.106820011138915,
  "summary_bg_p95": 149.6986862182617,
  "summary_bg_stdv": 65.71815490722656,
  "summary_fg_k": 0.9361356025235188,
  "summary_fg_mad": 141.5401897490793,
  "summary_fg_mean": 825.8470458984375,
  "summary_fg_median": 826.5517578125,
  "summary_fg_n": 25213.0,
  "summary_fg_p05": 573.653857421875,
  "summary_fg_p95": 1082.1578369140625,
  "summary_fg_stdv": 155.12704467773438,
  "tsnr": 49.783023834228516
}