{
  "aor": 0.0039004761904761908,
  "aqi": 0.015840024338624338,
  "bids_meta": {
    "AcquisitionMatrixPE": 64,
    "BodyPartExamined": "HEAD",
    "EchoTime": 0.03,
    "EffectiveEchoSpacing": 0.000510004,
    "FlipAngle": 90,
    "ImageType": [
      "ORIGINAL",
      "PRIMARY",
      "M",
      "ND",
      "MOSAIC"
    ],
    "InPlanePhaseEncodingDirectionDICOM": "ROW",
    "Instructions": "Lie still with eyes closed, don't keep yourself busy with any specific mental task, just follow the stream of your thoughts.",
    "MRAcquisitionType": "2D",
    "MagneticFieldStrength": 3,
    "Manufacturer": "Siemens",
    "ManufacturersModelName": "Verio",
    "PatientPosition": "HFS",
    "PercentPhaseFOV": 100,
    "PhaseEncodingDirection": "i",
    "PhaseEncodingSteps": 64,
    "ReconMatrixPE": 64,
    "RepetitionTime": 2.4,
    "ScanOptions": "FS",
    "ScanningSequence": "EP",
    "SequenceVariant": "SK",
    "SliceThickness": 3,
    "SliceTiming": [
      1.205,
      0,
      1.2725,
      0.0675,
      1.3375,
      0.135,
      1.405,
      0.2,
      1.4725,
      0.2675,
      1.54,
      0.335,
      1.605,
      0.4025,
      1.6725,
      0.4675,
      1.74,
      0.535,
      1.8075,
      0.6025,
      1.875,
      0.67,
      1.94,
      0.7375,
      2.0075,
      0.8025,
      2.075,
      0.87,
      2.1425,
      0.9375,
      2.2075,
      1.005,
      2.275,
      1.07,
      2.3425,
      1.1375
    ],
    "SpacingBetweenSlices": 3.75,
    "TaskName": "rest",
    "TotalReadoutTime": 0.0321303,
    "dataset": "ds004101",
    "modality": "bold",
    "session_id": "2post",
    "subject_id": "09114",
    "task_id": "rest"
  },
  "dummy_trs": 0,
  "dvars_nstd": 73.29885856127656,
  "dvars_std": 1.1861080759042548,
  "dvars_vstd": 0.9993935817553192,
  "efc": 0.5696525126996596,
  "fber": 387.5491943359375,
  "fd_mean": 0.8249854286169884,
  "fd_num": 186,
  "fd_perc": 98.41269841269842,
  "fwhm_avg": 2.011191111111111,
  "fwhm_x": 1.9829266666666667,
  "fwhm_y": 2.179073333333333,
  "fwhm_z": 1.8715733333333333,
  "gcor": 0.0190499,
  "gsr_x": 0.008015280589461327,
  "gsr_y": 0.039371147751808167,
  "provenance": {
    "md5sum": "7176165e4776863a274a678f5471de7c",
    "settings": {
      "fd_thres": 0.2,
      "testing": false
    },
    "software": "mriqc",
    "version": "23.0.1",
    "webapi_port": null,
    "webapi_url": "https://mriqc.nimh.nih.gov/api/v1"
  },
  "size_t": 189,
  "size_x": 64,
  "size_y": 64,
  "size_z": 36,
  "snr": 4.7136049267982685,
  "spacing_tr": 2.4000000953674316,
  "spacing_x": 3.0,
  "spacing_y": 3.0,
  "spacing_z": 3.75,
  "summary_bg_k": 31.756367832264345,
  "summary_bg_mad": 11.785369581215061,
  "summary_bg_mean": 65.29449462890625,
  "summary_bg_median": 39.093563079833984,
  "summary_bg_n": 86348.0,
  "summary_bg_p05": 30.019362354278563,
  "summary_bg_p95": 188.13582534790035,
  "summary_bg_stdv": 73.23112487792969,
  "summary_fg_k": 0.9130991970226616,
  "summary_fg_mad": 149.85666156850917,
  "summary_fg_mean": 800.8856201171875,
  "summary_fg_median": 779.1912231445312,
  "summary_fg_n": 28025.0,
  "summary_fg_p05": 570.7788818359375,
  "summary_fg_p95": 1105.0488769531248,
  "summary_fg_stdv": 165.3039093017578,
  "tsnr": 34.01349639892578
}