{
  "aor": 0.003296408839779005,
  "aqi": 0.012439234143646411,
  "bids_meta": {
    "AcquisitionMatrixPE": 64,
    "BodyPartExamined": "HEAD",
    "EchoTime": 0.03,
    "EffectiveEchoSpacing": 0.000510004,
    "FlipAngle": 90,
    "ImageType": [
      "ORIGINAL",
      "PRIMARY",
      "M",
      "ND",
      "MOSAIC"
    ],
    "InPlanePhaseEncodingDirectionDICOM": "ROW",
    "Instructions": "Lie still with eyes closed, don't keep yourself busy with any specific mental task, just follow the stream of your thoughts.",
    "MRAcquisitionType": "2D",
    "MagneticFieldStrength": 3,
    "Manufacturer": "Siemens",
    "ManufacturersModelName": "Verio",
    "PatientPosition": "HFS",
    "PercentPhaseFOV": 100,
    "PhaseEncodingDirection": "i",
    "PhaseEncodingSteps": 64,
    "ReconMatrixPE": 64,
    "RepetitionTime": 2.4,
    "ScanOptions": "FS",
    "ScanningSequence": "EP",
    "SequenceVariant": "SK",
    "SliceThickness": 3,
    "SliceTiming": [
      1.205,
      0,
      1.2725,
      0.0675,
      1.3375,
      0.135,
      1.405,
      0.2,
      1.4725,
      0.2675,
      1.54,
      0.335,
      1.605,
      0.4025,
      1.6725,
      0.4675,
      1.74,
      0.535,
      1.8075,
      0.6025,
      1.875,
      0.67,
      1.94,
      0.7375,
      2.0075,
      0.8025,
      2.075,
      0.87,
      2.1425,
      0.9375,
      2.2075,
      1.005,
      2.275,
      1.07,
      2.3425,
      1.1375
    ],
    "SpacingBetweenSlices": 3.75,
    "TaskName": "rest",
    "TotalReadoutTime": 0.0321303,
    "dataset": "ds004101",
    "modality": "bold",
    "session_id": "2post",
    "subject_id": "10134",
    "task_id": "rest"
  },
  "dummy_trs": 8,
  "dvars_nstd": 27.242421945111122,
  "dvars_std": 1.0876528795555556,
  "dvars_vstd": 0.9737955792222228,
  "efc": 0.5546411629802748,
  "fber": 458.5417175292969,
  "fd_mean": 0.10106781048368259,
  "fd_num": 8,
  "fd_perc": 4.419889502762431,
  "fwhm_avg": 1.8844204444444443,
  "fwhm_x": 1.8600433333333333,
  "fwhm_y": 2.0494233333333334,
  "fwhm_z": 1.7437946666666666,
  "gcor": 0.0419243,
  "gsr_x": -0.007544489111751318,
  "gsr_y": 0.025249477475881577,
  "provenance": {
    "md5sum": "de63ee0e7c64d8084cd0ad543c4176ce",
    "settings": {
      "fd_thres": 0.2,
      "testing": false
    },
    "software": "mriqc",
    "version": "23.0.1",
    "webapi_port": null,
    "webapi_url": "https://mriqc.nimh.nih.gov/api/v1"
  },
  "size_t": 181,
  "size_x": 64,
  "size_y": 64,
  "size_z": 36,
  "snr": 5.364775593856085,
  "spacing_tr": 2.4000000953674316,
  "spacing_x": 3.0,
  "spacing_y": 3.0,
  "spacing_z": 3.75,
  "summary_bg_k": 32.556209250253104,
  "summary_bg_mad": 11.801988792866208,
  "summary_bg_mean": 65.23096466064453,
  "summary_bg_median": 39.831329345703125,
  "summary_bg_n": 88720.0,
  "summary_bg_p05": 31.10673427581787,
  "summary_bg_p95": 187.11263275146493,
  "summary_bg_stdv": 74.69963073730469,
  "summary_fg_k": 1.2681565998912987,
  "summary_fg_mad": 143.3439440228508,
  "summary_fg_mean": 876.4044189453125,
  "summary_fg_median": 868.1943359375,
  "summary_fg_n": 25613.0,
  "summary_fg_p05": 634.5124145507813,
  "summary_fg_p95": 1158.2031982421875,
  "summary_fg_stdv": 161.82920837402344,
  "tsnr": 47.403404235839844
}