{
  "aor": 0.0004212698412698413,
  "aqi": 0.007546642857142856,
  "bids_meta": {
    "AcquisitionMatrixPE": 64,
    "BodyPartExamined": "HEAD",
    "EchoTime": 0.03,
    "EffectiveEchoSpacing": 0.000510004,
    "FlipAngle": 90,
    "ImageType": [
      "ORIGINAL",
      "PRIMARY",
      "M",
      "ND",
      "MOSAIC"
    ],
    "InPlanePhaseEncodingDirectionDICOM": "ROW",
    "Instructions": "Lie still with eyes closed, don't keep yourself busy with any specific mental task, just follow the stream of your thoughts.",
    "MRAcquisitionType": "2D",
    "MagneticFieldStrength": 3,
    "Manufacturer": "Siemens",
    "ManufacturersModelName": "Verio",
    "PatientPosition": "HFS",
    "PercentPhaseFOV": 100,
    "PhaseEncodingDirection": "i",
    "PhaseEncodingSteps": 64,
    "ReconMatrixPE": 64,
    "RepetitionTime": 2.4,
    "ScanOptions": "FS",
    "ScanningSequence": "EP",
    "SequenceVariant": "SK",
    "SliceThickness": 3,
    "SliceTiming": [
      1.205,
      0,
      1.2725,
      0.0675,
      1.3375,
      0.135,
      1.405,
      0.2,
      1.4725,
      0.2675,
      1.54,
      0.335,
      1.605,
      0.4025,
      1.6725,
      0.4675,
      1.74,
      0.535,
      1.8075,
      0.6025,
      1.875,
      0.67,
      1.94,
      0.7375,
      2.0075,
      0.8025,
      2.075,
      0.87,
      2.1425,
      0.9375,
      2.2075,
      1.005,
      2.275,
      1.07,
      2.3425,
      1.1375
    ],
    "SpacingBetweenSlices": 3.75,
    "TaskName": "rest",
    "TotalReadoutTime": 0.0321303,
    "dataset": "ds004101",
    "modality": "bold",
    "session_id": "1pre",
    "subject_id": "10134",
    "task_id": "rest"
  },
  "dummy_trs": 0,
  "dvars_nstd": 28.319306982340414,
  "dvars_std": 1.1701464030319155,
  "dvars_vstd": 0.966541207978723,
  "efc": 0.5526325197130431,
  "fber": 414.5092468261719,
  "fd_mean": 0.07887736313879512,
  "fd_num": 8,
  "fd_perc": 4.232804232804233,
  "fwhm_avg": 2.096647111111111,
  "fwhm_x": 2.0770166666666667,
  "fwhm_y": 2.2797300000000003,
  "fwhm_z": 1.9331946666666666,
  "gcor": 0.0102556,
  "gsr_x": -0.005068511702120304,
  "gsr_y": 0.030061079189181328,
  "provenance": {
    "md5sum": "7861647473af4111468698ecd1fe34bf",
    "settings": {
      "fd_thres": 0.2,
      "testing": false
    },
    "software": "mriqc",
    "version": "23.0.1",
    "webapi_port": null,
    "webapi_url": "https://mriqc.nimh.nih.gov/api/v1"
  },
  "size_t": 189,
  "size_x": 64,
  "size_y": 64,
  "size_z": 36,
  "snr": 4.588323150650015,
  "spacing_tr": 2.4000000953674316,
  "spacing_x": 3.0,
  "spacing_y": 3.0,
  "spacing_z": 3.75,
  "summary_bg_k": 34.71370987659708,
  "summary_bg_mad": 9.259163161141375,
  "summary_bg_mean": 56.54781723022461,
  "summary_bg_median": 35.54823684692383,
  "summary_bg_n": 89065.0,
  "summary_bg_p05": 28.551710891723634,
  "summary_bg_p95": 156.11441040039065,
  "summary_bg_stdv": 60.875885009765625,
  "summary_fg_k": 0.6146339902265359,
  "summary_fg_mad": 147.38001727418055,
  "summary_fg_mean": 748.6084594726562,
  "summary_fg_median": 737.2833251953125,
  "summary_fg_n": 25526.0,
  "summary_fg_p05": 504.61356353759766,
  "summary_fg_p95": 1033.7610168457031,
  "summary_fg_stdv": 160.68373107910156,
  "tsnr": 52.974830627441406
}