{
  "aor": 0.0010582539682539684,
  "aqi": 0.015570662222222222,
  "bids_meta": {
    "AcquisitionMatrixPE": 64,
    "BodyPartExamined": "HEAD",
    "EchoTime": 0.03,
    "EffectiveEchoSpacing": 0.000510004,
    "FlipAngle": 90,
    "ImageType": [
      "ORIGINAL",
      "PRIMARY",
      "M",
      "ND",
      "MOSAIC"
    ],
    "InPlanePhaseEncodingDirectionDICOM": "ROW",
    "Instructions": "Lie still with eyes closed, don't keep yourself busy with any specific mental task, just follow the stream of your thoughts.",
    "MRAcquisitionType": "2D",
    "MagneticFieldStrength": 3,
    "Manufacturer": "Siemens",
    "ManufacturersModelName": "Verio",
    "PatientPosition": "HFS",
    "PercentPhaseFOV": 100,
    "PhaseEncodingDirection": "i",
    "PhaseEncodingSteps": 64,
    "ReconMatrixPE": 64,
    "RepetitionTime": 2.4,
    "ScanOptions": "FS",
    "ScanningSequence": "EP",
    "SequenceVariant": "SK",
    "SliceThickness": 3,
    "SliceTiming": [
      1.205,
      0,
      1.2725,
      0.0675,
      1.3375,
      0.135,
      1.405,
      0.2,
      1.4725,
      0.2675,
      1.54,
      0.335,
      1.605,
      0.4025,
      1.6725,
      0.4675,
      1.74,
      0.535,
      1.8075,
      0.6025,
      1.875,
      0.67,
      1.94,
      0.7375,
      2.0075,
      0.8025,
      2.075,
      0.87,
      2.1425,
      0.9375,
      2.2075,
      1.005,
      2.275,
      1.07,
      2.3425,
      1.1375
    ],
    "SpacingBetweenSlices": 3.75,
    "TaskName": "rest",
    "TotalReadoutTime": 0.0321303,
    "dataset": "ds004101",
    "modality": "bold",
    "session_id": "2post",
    "subject_id": "10332",
    "task_id": "rest"
  },
  "dummy_trs": 0,
  "dvars_nstd": 44.24708381590426,
  "dvars_std": 1.1812956309574467,
  "dvars_vstd": 0.9709812810638296,
  "efc": 0.5516634561793307,
  "fber": 456.3916015625,
  "fd_mean": 0.18305966698986978,
  "fd_num": 58,
  "fd_perc": 30.687830687830687,
  "fwhm_avg": 1.8325524444444443,
  "fwhm_x": 1.8177199999999998,
  "fwhm_y": 1.9420866666666667,
  "fwhm_z": 1.7378506666666667,
  "gcor": 0.00649544,
  "gsr_x": 0.002457314869388938,
  "gsr_y": 0.029002802446484566,
  "provenance": {
    "md5sum": "b180454fcb8ae21a85c64e77fc4ee475",
    "settings": {
      "fd_thres": 0.2,
      "testing": false
    },
    "software": "mriqc",
    "version": "23.0.1",
    "webapi_port": null,
    "webapi_url": "https://mriqc.nimh.nih.gov/api/v1"
  },
  "size_t": 189,
  "size_x": 64,
  "size_y": 64,
  "size_z": 36,
  "snr": 5.323410237808434,
  "spacing_tr": 2.4000000953674316,
  "spacing_x": 3.0,
  "spacing_y": 3.0,
  "spacing_z": 3.75,
  "summary_bg_k": 54.6722945652329,
  "summary_bg_mad": 10.690581488055043,
  "summary_bg_mean": 58.46061706542969,
  "summary_bg_median": 39.17441177368164,
  "summary_bg_n": 88159.0,
  "summary_bg_p05": 30.777278327941893,
  "summary_bg_p95": 143.49654235839822,
  "summary_bg_stdv": 58.829776763916016,
  "summary_fg_k": 1.4778577266110977,
  "summary_fg_mad": 127.66246651109539,
  "summary_fg_mean": 862.47412109375,
  "summary_fg_median": 845.2861328125,
  "summary_fg_n": 26732.0,
  "summary_fg_p05": 630.7212677001953,
  "summary_fg_p95": 1162.270324707031,
  "summary_fg_stdv": 158.7836151123047,
  "tsnr": 43.094993591308594
}