{
  "aor": 0.0017717989417989416,
  "aqi": 0.012598188095238097,
  "bids_meta": {
    "AcquisitionMatrixPE": 64,
    "BodyPartExamined": "HEAD",
    "EchoTime": 0.03,
    "EffectiveEchoSpacing": 0.000510004,
    "FlipAngle": 90,
    "ImageType": [
      "ORIGINAL",
      "PRIMARY",
      "M",
      "ND",
      "MOSAIC"
    ],
    "InPlanePhaseEncodingDirectionDICOM": "ROW",
    "Instructions": "Lie still with eyes closed, don't keep yourself busy with any specific mental task, just follow the stream of your thoughts.",
    "MRAcquisitionType": "2D",
    "MagneticFieldStrength": 3,
    "Manufacturer": "Siemens",
    "ManufacturersModelName": "Verio",
    "PatientPosition": "HFS",
    "PercentPhaseFOV": 100,
    "PhaseEncodingDirection": "i",
    "PhaseEncodingSteps": 64,
    "ReconMatrixPE": 64,
    "RepetitionTime": 2.4,
    "ScanOptions": "FS",
    "ScanningSequence": "EP",
    "SequenceVariant": "SK",
    "SliceThickness": 3,
    "SliceTiming": [
      1.205,
      0,
      1.2725,
      0.0675,
      1.3375,
      0.135,
      1.405,
      0.2,
      1.4725,
      0.2675,
      1.54,
      0.335,
      1.605,
      0.4025,
      1.6725,
      0.4675,
      1.74,
      0.535,
      1.8075,
      0.6025,
      1.875,
      0.67,
      1.94,
      0.7375,
      2.0075,
      0.8025,
      2.075,
      0.87,
      2.1425,
      0.9375,
      2.2075,
      1.005,
      2.275,
      1.07,
      2.3425,
      1.1375
    ],
    "SpacingBetweenSlices": 3.75,
    "TaskName": "rest",
    "TotalReadoutTime": 0.0321303,
    "dataset": "ds004101",
    "modality": "bold",
    "session_id": "2post",
    "subject_id": "09381",
    "task_id": "rest"
  },
  "dummy_trs": 0,
  "dvars_nstd": 34.822790693829795,
  "dvars_std": 1.1679207824468087,
  "dvars_vstd": 0.9681962215425532,
  "efc": 0.558611545557594,
  "fber": 553.645263671875,
  "fd_mean": 0.27482219939460145,
  "fd_num": 117,
  "fd_perc": 61.904761904761905,
  "fwhm_avg": 2.056949455827572,
  "fwhm_x": 2.02433,
  "fwhm_y": 2.236953155556269,
  "fwhm_z": 1.9095652119264468,
  "gcor": 0.0158087,
  "gsr_x": -0.005358911585062742,
  "gsr_y": 0.026379775255918503,
  "provenance": {
    "md5sum": "25486b99aacd5d024dffcf1299a5f234",
    "settings": {
      "fd_thres": 0.2,
      "testing": false
    },
    "software": "mriqc",
    "version": "23.0.1",
    "webapi_port": null,
    "webapi_url": "https://mriqc.nimh.nih.gov/api/v1"
  },
  "size_t": 189,
  "size_x": 64,
  "size_y": 64,
  "size_z": 36,
  "snr": 4.552778519284266,
  "spacing_tr": 2.4000000953674316,
  "spacing_x": 3.0,
  "spacing_y": 3.000000238418579,
  "spacing_z": 3.750000238418579,
  "summary_bg_k": 27.620027151574156,
  "summary_bg_mad": 9.56141393842934,
  "summary_bg_mean": 61.65441131591797,
  "summary_bg_median": 37.567665100097656,
  "summary_bg_n": 84470.0,
  "summary_bg_p05": 29.883472537994386,
  "summary_bg_p95": 177.41628112792986,
  "summary_bg_stdv": 71.87487030029297,
  "summary_fg_k": 2.1272452723976647,
  "summary_fg_mad": 157.87600665548888,
  "summary_fg_mean": 914.9022216796875,
  "summary_fg_median": 893.0660400390625,
  "summary_fg_n": 29340.0,
  "summary_fg_p05": 642.8891906738281,
  "summary_fg_p95": 1279.470648193359,
  "summary_fg_stdv": 196.15512084960938,
  "tsnr": 43.654422760009766
}