{
  "aor": 0.002185925925925926,
  "aqi": 0.008414171534391536,
  "bids_meta": {
    "AcquisitionMatrixPE": 64,
    "BodyPartExamined": "HEAD",
    "EchoTime": 0.03,
    "EffectiveEchoSpacing": 0.000510004,
    "FlipAngle": 90,
    "ImageType": [
      "ORIGINAL",
      "PRIMARY",
      "M",
      "ND",
      "MOSAIC"
    ],
    "InPlanePhaseEncodingDirectionDICOM": "ROW",
    "Instructions": "Lie still with eyes closed, don't keep yourself busy with any specific mental task, just follow the stream of your thoughts.",
    "MRAcquisitionType": "2D",
    "MagneticFieldStrength": 3,
    "Manufacturer": "Siemens",
    "ManufacturersModelName": "Verio",
    "PatientPosition": "HFS",
    "PercentPhaseFOV": 100,
    "PhaseEncodingDirection": "i",
    "PhaseEncodingSteps": 64,
    "ReconMatrixPE": 64,
    "RepetitionTime": 2.4,
    "ScanOptions": "FS",
    "ScanningSequence": "EP",
    "SequenceVariant": "SK",
    "SliceThickness": 3,
    "SliceTiming": [
      1.205,
      0,
      1.2725,
      0.0675,
      1.3375,
      0.135,
      1.405,
      0.2,
      1.4725,
      0.2675,
      1.54,
      0.335,
      1.605,
      0.4025,
      1.6725,
      0.4675,
      1.74,
      0.535,
      1.8075,
      0.6025,
      1.875,
      0.67,
      1.94,
      0.7375,
      2.0075,
      0.8025,
      2.075,
      0.87,
      2.1425,
      0.9375,
      2.2075,
      1.005,
      2.275,
      1.07,
      2.3425,
      1.1375
    ],
    "SpacingBetweenSlices": 3.75,
    "TaskName": "rest",
    "TotalReadoutTime": 0.0321303,
    "dataset": "ds004101",
    "modality": "bold",
    "session_id": "1pre",
    "subject_id": "09381",
    "task_id": "rest"
  },
  "dummy_trs": 0,
  "dvars_nstd": 33.26214680803191,
  "dvars_std": 1.241882551117021,
  "dvars_vstd": 0.9976143819148936,
  "efc": 0.552984833605261,
  "fber": 443.86676025390625,
  "fd_mean": 0.17592906118268004,
  "fd_num": 51,
  "fd_perc": 26.984126984126984,
  "fwhm_avg": 2.1754157777777774,
  "fwhm_x": 2.1989566666666667,
  "fwhm_y": 2.2704,
  "fwhm_z": 2.0568906666666664,
  "gcor": 0.155547,
  "gsr_x": 0.04574606940150261,
  "gsr_y": -0.009343416430056095,
  "provenance": {
    "md5sum": "99dfc45244b96d7d0b0a10933fc2ea04",
    "settings": {
      "fd_thres": 0.2,
      "testing": false
    },
    "software": "mriqc",
    "version": "23.0.1",
    "webapi_port": null,
    "webapi_url": "https://mriqc.nimh.nih.gov/api/v1"
  },
  "size_t": 189,
  "size_x": 64,
  "size_y": 64,
  "size_z": 36,
  "snr": 4.295559222344316,
  "spacing_tr": 2.4000000953674316,
  "spacing_x": 3.0,
  "spacing_y": 3.0,
  "spacing_z": 3.75,
  "summary_bg_k": 25.331633983747718,
  "summary_bg_mad": 19.946858839176002,
  "summary_bg_mean": 70.4259033203125,
  "summary_bg_median": 45.04857635498047,
  "summary_bg_n": 87316.0,
  "summary_bg_p05": 29.577699661254883,
  "summary_bg_p95": 187.73183822631836,
  "summary_bg_stdv": 70.66648864746094,
  "summary_fg_k": 2.43649199500305,
  "summary_fg_mad": 177.97144724184548,
  "summary_fg_mean": 953.0171508789062,
  "summary_fg_median": 939.5076904296875,
  "summary_fg_n": 27229.0,
  "summary_fg_p05": 635.9814575195312,
  "summary_fg_p95": 1342.0498779296875,
  "summary_fg_stdv": 218.71202087402344,
  "tsnr": 43.658843994140625
}