{
  "aor": 0.002732751322751323,
  "aqi": 0.015209702380952381,
  "bids_meta": {
    "AcquisitionMatrixPE": 64,
    "BodyPartExamined": "HEAD",
    "EchoTime": 0.03,
    "EffectiveEchoSpacing": 0.000510004,
    "FlipAngle": 90,
    "ImageType": [
      "ORIGINAL",
      "PRIMARY",
      "M",
      "ND",
      "MOSAIC"
    ],
    "InPlanePhaseEncodingDirectionDICOM": "ROW",
    "Instructions": "Lie still with eyes closed, don't keep yourself busy with any specific mental task, just follow the stream of your thoughts.",
    "MRAcquisitionType": "2D",
    "MagneticFieldStrength": 3,
    "Manufacturer": "Siemens",
    "ManufacturersModelName": "Verio",
    "PatientPosition": "HFS",
    "PercentPhaseFOV": 100,
    "PhaseEncodingDirection": "i",
    "PhaseEncodingSteps": 64,
    "ReconMatrixPE": 64,
    "RepetitionTime": 2.4,
    "ScanOptions": "FS",
    "ScanningSequence": "EP",
    "SequenceVariant": "SK",
    "SliceThickness": 3,
    "SliceTiming": [
      1.205,
      0,
      1.2725,
      0.0675,
      1.3375,
      0.135,
      1.405,
      0.2,
      1.4725,
      0.2675,
      1.54,
      0.335,
      1.605,
      0.4025,
      1.6725,
      0.4675,
      1.74,
      0.535,
      1.8075,
      0.6025,
      1.875,
      0.67,
      1.94,
      0.7375,
      2.0075,
      0.8025,
      2.075,
      0.87,
      2.1425,
      0.9375,
      2.2075,
      1.005,
      2.275,
      1.07,
      2.3425,
      1.1375
    ],
    "SpacingBetweenSlices": 3.75,
    "TaskName": "rest",
    "TotalReadoutTime": 0.0321303,
    "dataset": "ds004101",
    "modality": "bold",
    "session_id": "2post",
    "subject_id": "09260",
    "task_id": "rest"
  },
  "dummy_trs": 0,
  "dvars_nstd": 23.795147266542553,
  "dvars_std": 1.0666026289893613,
  "dvars_vstd": 0.9670661685638301,
  "efc": 0.5455826626373309,
  "fber": 517.1221923828125,
  "fd_mean": 0.0952788731256345,
  "fd_num": 12,
  "fd_perc": 6.349206349206349,
  "fwhm_avg": 1.9653153894537159,
  "fwhm_x": 1.9005766666666668,
  "fwhm_y": 2.1184735016944805,
  "fwhm_z": 1.876896,
  "gcor": 0.0267615,
  "gsr_x": -0.007534983102232218,
  "gsr_y": 0.035453859716653824,
  "provenance": {
    "md5sum": "291a96053c32d8c2c144444c2a78a418",
    "settings": {
      "fd_thres": 0.2,
      "testing": false
    },
    "software": "mriqc",
    "version": "23.0.1",
    "webapi_port": null,
    "webapi_url": "https://mriqc.nimh.nih.gov/api/v1"
  },
  "size_t": 189,
  "size_x": 64,
  "size_y": 64,
  "size_z": 36,
  "snr": 5.5918354476237395,
  "spacing_tr": 2.4000000953674316,
  "spacing_x": 3.0,
  "spacing_y": 2.999999761581421,
  "spacing_z": 3.75,
  "summary_bg_k": 46.13671707911896,
  "summary_bg_mad": 9.74154730276117,
  "summary_bg_mean": 58.052452087402344,
  "summary_bg_median": 36.26408386230469,
  "summary_bg_n": 89141.0,
  "summary_bg_p05": 28.39702606201172,
  "summary_bg_p95": 156.25535583496094,
  "summary_bg_stdv": 69.3930435180664,
  "summary_fg_k": 1.197167647755367,
  "summary_fg_mad": 131.39860781337507,
  "summary_fg_mean": 837.9130859375,
  "summary_fg_median": 829.1917114257812,
  "summary_fg_n": 25891.0,
  "summary_fg_p05": 612.019775390625,
  "summary_fg_p95": 1096.0620727539062,
  "summary_fg_stdv": 148.2832794189453,
  "tsnr": 43.93659973144531
}