{
  "aor": 0.008170423280423281,
  "aqi": 0.02302493386243386,
  "bids_meta": {
    "AcquisitionMatrixPE": 64,
    "BodyPartExamined": "HEAD",
    "EchoTime": 0.03,
    "EffectiveEchoSpacing": 0.000510004,
    "FlipAngle": 90,
    "ImageType": [
      "ORIGINAL",
      "PRIMARY",
      "M",
      "ND",
      "MOSAIC"
    ],
    "InPlanePhaseEncodingDirectionDICOM": "ROW",
    "Instructions": "Lie still with eyes closed, don't keep yourself busy with any specific mental task, just follow the stream of your thoughts.",
    "MRAcquisitionType": "2D",
    "MagneticFieldStrength": 3,
    "Manufacturer": "Siemens",
    "ManufacturersModelName": "Verio",
    "PatientPosition": "HFS",
    "PercentPhaseFOV": 100,
    "PhaseEncodingDirection": "i",
    "PhaseEncodingSteps": 64,
    "ReconMatrixPE": 64,
    "RepetitionTime": 2.4,
    "ScanOptions": "FS",
    "ScanningSequence": "EP",
    "SequenceVariant": "SK",
    "SliceThickness": 3,
    "SliceTiming": [
      1.205,
      0,
      1.2725,
      0.0675,
      1.3375,
      0.135,
      1.405,
      0.2,
      1.4725,
      0.2675,
      1.54,
      0.335,
      1.605,
      0.4025,
      1.6725,
      0.4675,
      1.74,
      0.535,
      1.8075,
      0.6025,
      1.875,
      0.67,
      1.94,
      0.7375,
      2.0075,
      0.8025,
      2.075,
      0.87,
      2.1425,
      0.9375,
      2.2075,
      1.005,
      2.275,
      1.07,
      2.3425,
      1.1375
    ],
    "SpacingBetweenSlices": 3.75,
    "TaskName": "rest",
    "TotalReadoutTime": 0.0321303,
    "dataset": "ds004101",
    "modality": "bold",
    "session_id": "2post",
    "subject_id": "09160",
    "task_id": "rest"
  },
  "dummy_trs": 0,
  "dvars_nstd": 63.65464825319152,
  "dvars_std": 1.2236307305319152,
  "dvars_vstd": 1.0117335481382976,
  "efc": 0.5652344590962924,
  "fber": 463.8842468261719,
  "fd_mean": 0.2925636746112869,
  "fd_num": 89,
  "fd_perc": 47.08994708994709,
  "fwhm_avg": 2.1075102222222224,
  "fwhm_x": 2.06078,
  "fwhm_y": 2.2835933333333336,
  "fwhm_z": 1.9781573333333333,
  "gcor": 0.041665,
  "gsr_x": -0.008771229535341263,
  "gsr_y": 0.04162992909550667,
  "provenance": {
    "md5sum": "bb47d2e472866685c1871f71edbf55f9",
    "settings": {
      "fd_thres": 0.2,
      "testing": false
    },
    "software": "mriqc",
    "version": "23.0.1",
    "webapi_port": null,
    "webapi_url": "https://mriqc.nimh.nih.gov/api/v1"
  },
  "size_t": 189,
  "size_x": 64,
  "size_y": 64,
  "size_z": 36,
  "snr": 4.930030663800041,
  "spacing_tr": 2.4000000953674316,
  "spacing_x": 3.0,
  "spacing_y": 3.0,
  "spacing_z": 3.75,
  "summary_bg_k": 38.808039180158744,
  "summary_bg_mad": 10.619922267104345,
  "summary_bg_mean": 62.39205551147461,
  "summary_bg_median": 37.902469635009766,
  "summary_bg_n": 85823.0,
  "summary_bg_p05": 29.49401988983154,
  "summary_bg_p95": 178.25178680419907,
  "summary_bg_stdv": 73.4457015991211,
  "summary_fg_k": 1.2039553822832447,
  "summary_fg_mad": 144.22075519205305,
  "summary_fg_mean": 841.922119140625,
  "summary_fg_median": 831.8883666992188,
  "summary_fg_n": 28200.0,
  "summary_fg_p05": 580.4589141845703,
  "summary_fg_p95": 1137.2234558105467,
  "summary_fg_stdv": 168.73599243164062,
  "tsnr": 30.141592025756836
}