{
  "aor": 0.0006248677248677249,
  "aqi": 0.01010477746031746,
  "bids_meta": {
    "AcquisitionMatrixPE": 64,
    "BodyPartExamined": "HEAD",
    "EchoTime": 0.03,
    "EffectiveEchoSpacing": 0.000510004,
    "FlipAngle": 90,
    "ImageType": [
      "ORIGINAL",
      "PRIMARY",
      "M",
      "ND",
      "MOSAIC"
    ],
    "InPlanePhaseEncodingDirectionDICOM": "ROW",
    "Instructions": "Lie still with eyes closed, don't keep yourself busy with any specific mental task, just follow the stream of your thoughts.",
    "MRAcquisitionType": "2D",
    "MagneticFieldStrength": 3,
    "Manufacturer": "Siemens",
    "ManufacturersModelName": "Verio",
    "PatientPosition": "HFS",
    "PercentPhaseFOV": 100,
    "PhaseEncodingDirection": "i",
    "PhaseEncodingSteps": 64,
    "ReconMatrixPE": 64,
    "RepetitionTime": 2.4,
    "ScanOptions": "FS",
    "ScanningSequence": "EP",
    "SequenceVariant": "SK",
    "SliceThickness": 3,
    "SliceTiming": [
      1.205,
      0,
      1.2725,
      0.0675,
      1.3375,
      0.135,
      1.405,
      0.2,
      1.4725,
      0.2675,
      1.54,
      0.335,
      1.605,
      0.4025,
      1.6725,
      0.4675,
      1.74,
      0.535,
      1.8075,
      0.6025,
      1.875,
      0.67,
      1.94,
      0.7375,
      2.0075,
      0.8025,
      2.075,
      0.87,
      2.1425,
      0.9375,
      2.2075,
      1.005,
      2.275,
      1.07,
      2.3425,
      1.1375
    ],
    "SpacingBetweenSlices": 3.75,
    "TaskName": "rest",
    "TotalReadoutTime": 0.0321303,
    "dataset": "ds004101",
    "modality": "bold",
    "session_id": "1pre",
    "subject_id": "09114",
    "task_id": "rest"
  },
  "dummy_trs": 0,
  "dvars_nstd": 56.61232996978724,
  "dvars_std": 1.1834043332446813,
  "dvars_vstd": 0.9642143366489353,
  "efc": 0.5712288702935286,
  "fber": 266.4230041503906,
  "fd_mean": 0.4624777139539563,
  "fd_num": 177,
  "fd_perc": 93.65079365079364,
  "fwhm_avg": 2.0839577777777776,
  "fwhm_x": 2.1193566666666666,
  "fwhm_y": 2.177423333333333,
  "fwhm_z": 1.9550933333333333,
  "gcor": 0.0775986,
  "gsr_x": 0.03819943591952324,
  "gsr_y": 0.01073242723941803,
  "provenance": {
    "md5sum": "5c3613161814e60dee4a1dfa2d7a8442",
    "settings": {
      "fd_thres": 0.2,
      "testing": false
    },
    "software": "mriqc",
    "version": "23.0.1",
    "webapi_port": null,
    "webapi_url": "https://mriqc.nimh.nih.gov/api/v1"
  },
  "size_t": 189,
  "size_x": 64,
  "size_y": 64,
  "size_z": 36,
  "snr": 4.4803732039569875,
  "spacing_tr": 2.4000000953674316,
  "spacing_x": 3.0,
  "spacing_y": 3.0,
  "spacing_z": 3.75,
  "summary_bg_k": 36.37479507961164,
  "summary_bg_mad": 21.043841335644046,
  "summary_bg_mean": 69.54203033447266,
  "summary_bg_median": 47.02735900878906,
  "summary_bg_n": 88560.0,
  "summary_bg_p05": 30.37000322341919,
  "summary_bg_p95": 190.57078704834,
  "summary_bg_stdv": 68.28556060791016,
  "summary_fg_k": 0.3427458979669251,
  "summary_fg_mad": 161.70824924903155,
  "summary_fg_mean": 778.71044921875,
  "summary_fg_median": 760.0338134765625,
  "summary_fg_n": 26749.0,
  "summary_fg_p05": 526.8856201171875,
  "summary_fg_p95": 1080.7569335937499,
  "summary_fg_stdv": 169.6331024169922,
  "tsnr": 39.61656951904297
}