{
  "aor": 0.016203227513227513,
  "aqi": 0.009676780105820106,
  "bids_meta": {
    "AcquisitionMatrixPE": 64,
    "BodyPartExamined": "HEAD",
    "EchoTime": 0.03,
    "EffectiveEchoSpacing": 0.000510004,
    "FlipAngle": 90,
    "ImageType": [
      "ORIGINAL",
      "PRIMARY",
      "M",
      "ND",
      "MOSAIC"
    ],
    "InPlanePhaseEncodingDirectionDICOM": "ROW",
    "Instructions": "Lie still with eyes closed, don't keep yourself busy with any specific mental task, just follow the stream of your thoughts.",
    "MRAcquisitionType": "2D",
    "MagneticFieldStrength": 3,
    "Manufacturer": "Siemens",
    "ManufacturersModelName": "Verio",
    "PatientPosition": "HFS",
    "PercentPhaseFOV": 100,
    "PhaseEncodingDirection": "i",
    "PhaseEncodingSteps": 64,
    "ReconMatrixPE": 64,
    "RepetitionTime": 2.4,
    "ScanOptions": "FS",
    "ScanningSequence": "EP",
    "SequenceVariant": "SK",
    "SliceThickness": 3,
    "SliceTiming": [
      1.205,
      0,
      1.2725,
      0.0675,
      1.3375,
      0.135,
      1.405,
      0.2,
      1.4725,
      0.2675,
      1.54,
      0.335,
      1.605,
      0.4025,
      1.6725,
      0.4675,
      1.74,
      0.535,
      1.8075,
      0.6025,
      1.875,
      0.67,
      1.94,
      0.7375,
      2.0075,
      0.8025,
      2.075,
      0.87,
      2.1425,
      0.9375,
      2.2075,
      1.005,
      2.275,
      1.07,
      2.3425,
      1.1375
    ],
    "SpacingBetweenSlices": 3.75,
    "TaskName": "rest",
    "TotalReadoutTime": 0.0321303,
    "dataset": "ds004101",
    "modality": "bold",
    "session_id": "2post",
    "subject_id": "09300",
    "task_id": "rest"
  },
  "dummy_trs": 0,
  "dvars_nstd": 21.656120919042543,
  "dvars_std": 1.1860005184574467,
  "dvars_vstd": 1.1409959484574466,
  "efc": 0.5590918570367345,
  "fber": 510.8998718261719,
  "fd_mean": 0.07588814713883431,
  "fd_num": 5,
  "fd_perc": 2.6455026455026456,
  "fwhm_avg": 1.9388602222222222,
  "fwhm_x": 1.8794066666666664,
  "fwhm_y": 2.1410833333333334,
  "fwhm_z": 1.7960906666666667,
  "gcor": 0.0144291,
  "gsr_x": -0.003739670617505908,
  "gsr_y": 0.04011696204543114,
  "provenance": {
    "md5sum": "fb9763713169876d587ca41da60f499c",
    "settings": {
      "fd_thres": 0.2,
      "testing": false
    },
    "software": "mriqc",
    "version": "23.0.1",
    "webapi_port": null,
    "webapi_url": "https://mriqc.nimh.nih.gov/api/v1"
  },
  "size_t": 189,
  "size_x": 64,
  "size_y": 64,
  "size_z": 36,
  "snr": 4.919905295244717,
  "spacing_tr": 2.4000000953674316,
  "spacing_x": 3.0,
  "spacing_y": 3.0,
  "spacing_z": 3.75,
  "summary_bg_k": 25.346399119622347,
  "summary_bg_mad": 10.520933751901273,
  "summary_bg_mean": 60.716583251953125,
  "summary_bg_median": 36.91621398925781,
  "summary_bg_n": 85963.0,
  "summary_bg_p05": 29.15291118621826,
  "summary_bg_p95": 179.8599182128906,
  "summary_bg_stdv": 65.50728607177734,
  "summary_fg_k": 0.9339757139991751,
  "summary_fg_mad": 150.80591066959093,
  "summary_fg_mean": 865.308349609375,
  "summary_fg_median": 852.19970703125,
  "summary_fg_n": 27858.0,
  "summary_fg_p05": 599.9132629394531,
  "summary_fg_p95": 1174.667498779297,
  "summary_fg_stdv": 173.2115478515625,
  "tsnr": 51.75495529174805
}