{
  "aor": 0.0005838095238095238,
  "aqi": 0.00734139544973545,
  "bids_meta": {
    "AcquisitionMatrixPE": 64,
    "BodyPartExamined": "HEAD",
    "EchoTime": 0.03,
    "EffectiveEchoSpacing": 0.000510004,
    "FlipAngle": 90,
    "ImageType": [
      "ORIGINAL",
      "PRIMARY",
      "M",
      "ND",
      "MOSAIC"
    ],
    "InPlanePhaseEncodingDirectionDICOM": "ROW",
    "Instructions": "Lie still with eyes closed, don't keep yourself busy with any specific mental task, just follow the stream of your thoughts.",
    "MRAcquisitionType": "2D",
    "MagneticFieldStrength": 3,
    "Manufacturer": "Siemens",
    "ManufacturersModelName": "Verio",
    "PatientPosition": "HFS",
    "PercentPhaseFOV": 100,
    "PhaseEncodingDirection": "i",
    "PhaseEncodingSteps": 64,
    "ReconMatrixPE": 64,
    "RepetitionTime": 2.4,
    "ScanOptions": "FS",
    "ScanningSequence": "EP",
    "SequenceVariant": "SK",
    "SliceThickness": 3,
    "SliceTiming": [
      1.205,
      0,
      1.2725,
      0.0675,
      1.3375,
      0.135,
      1.405,
      0.2,
      1.4725,
      0.2675,
      1.54,
      0.335,
      1.605,
      0.4025,
      1.6725,
      0.4675,
      1.74,
      0.535,
      1.8075,
      0.6025,
      1.875,
      0.67,
      1.94,
      0.7375,
      2.0075,
      0.8025,
      2.075,
      0.87,
      2.1425,
      0.9375,
      2.2075,
      1.005,
      2.275,
      1.07,
      2.3425,
      1.1375
    ],
    "SpacingBetweenSlices": 3.75,
    "TaskName": "rest",
    "TotalReadoutTime": 0.0321303,
    "dataset": "ds004101",
    "modality": "bold",
    "session_id": "1pre",
    "subject_id": "10570",
    "task_id": "rest"
  },
  "dummy_trs": 0,
  "dvars_nstd": 34.48024652361704,
  "dvars_std": 1.2392602119680856,
  "dvars_vstd": 0.9847937731382981,
  "efc": 0.5636806987391798,
  "fber": 553.1104125976562,
  "fd_mean": 0.2342807014497903,
  "fd_num": 101,
  "fd_perc": 53.439153439153436,
  "fwhm_avg": 1.864251333333333,
  "fwhm_x": 1.8009700000000002,
  "fwhm_y": 2.0484533333333332,
  "fwhm_z": 1.7433306666666666,
  "gcor": 0.005448,
  "gsr_x": -0.011466995812952518,
  "gsr_y": 0.038421496748924255,
  "provenance": {
    "md5sum": "7c339ad5edf2ce905e134c596dde2aac",
    "settings": {
      "fd_thres": 0.2,
      "testing": false
    },
    "software": "mriqc",
    "version": "23.0.1",
    "webapi_port": null,
    "webapi_url": "https://mriqc.nimh.nih.gov/api/v1"
  },
  "size_t": 189,
  "size_x": 64,
  "size_y": 64,
  "size_z": 36,
  "snr": 4.938556416250724,
  "spacing_tr": 2.4000000953674316,
  "spacing_x": 3.0,
  "spacing_y": 3.0,
  "spacing_z": 3.75,
  "summary_bg_k": 54.845300253675106,
  "summary_bg_mad": 8.845065683287435,
  "summary_bg_mean": 62.274009704589844,
  "summary_bg_median": 36.02714157104492,
  "summary_bg_n": 84533.0,
  "summary_bg_p05": 29.07064552307129,
  "summary_bg_p95": 186.71804199218727,
  "summary_bg_stdv": 81.4588394165039,
  "summary_fg_k": 1.598487323732427,
  "summary_fg_mad": 144.1855090028375,
  "summary_fg_mean": 877.919189453125,
  "summary_fg_median": 860.7166748046875,
  "summary_fg_n": 29039.0,
  "summary_fg_p05": 627.4132202148437,
  "summary_fg_p95": 1193.0084106445308,
  "summary_fg_stdv": 174.28207397460938,
  "tsnr": 58.94075012207031
}