{
  "aor": 0.000272962962962963,
  "aqi": 0.003337203068783069,
  "bids_meta": {
    "AcquisitionMatrixPE": 64,
    "BodyPartExamined": "HEAD",
    "EchoTime": 0.03,
    "EffectiveEchoSpacing": 0.000510004,
    "FlipAngle": 90,
    "ImageType": [
      "ORIGINAL",
      "PRIMARY",
      "M",
      "ND",
      "MOSAIC"
    ],
    "InPlanePhaseEncodingDirectionDICOM": "ROW",
    "Instructions": "Lie still with eyes closed, don't keep yourself busy with any specific mental task, just follow the stream of your thoughts.",
    "MRAcquisitionType": "2D",
    "MagneticFieldStrength": 3,
    "Manufacturer": "Siemens",
    "ManufacturersModelName": "Verio",
    "PatientPosition": "HFS",
    "PercentPhaseFOV": 100,
    "PhaseEncodingDirection": "i",
    "PhaseEncodingSteps": 64,
    "ReconMatrixPE": 64,
    "RepetitionTime": 2.4,
    "ScanOptions": "FS",
    "ScanningSequence": "EP",
    "SequenceVariant": "SK",
    "SliceThickness": 3,
    "SliceTiming": [
      1.205,
      0,
      1.2725,
      0.0675,
      1.3375,
      0.135,
      1.405,
      0.2,
      1.4725,
      0.2675,
      1.54,
      0.335,
      1.605,
      0.4025,
      1.6725,
      0.4675,
      1.74,
      0.535,
      1.8075,
      0.6025,
      1.875,
      0.67,
      1.94,
      0.7375,
      2.0075,
      0.8025,
      2.075,
      0.87,
      2.1425,
      0.9375,
      2.2075,
      1.005,
      2.275,
      1.07,
      2.3425,
      1.1375
    ],
    "SpacingBetweenSlices": 3.75,
    "TaskName": "rest",
    "TotalReadoutTime": 0.0321303,
    "dataset": "ds004101",
    "modality": "bold",
    "session_id": "1pre",
    "subject_id": "09300",
    "task_id": "rest"
  },
  "dummy_trs": 0,
  "dvars_nstd": 31.836973980851056,
  "dvars_std": 1.2528091217553194,
  "dvars_vstd": 0.9791663512234045,
  "efc": 0.5310012480513153,
  "fber": 583.2570190429688,
  "fd_mean": 0.05926590705297338,
  "fd_num": 0,
  "fd_perc": 0.0,
  "fwhm_avg": 2.476064937647674,
  "fwhm_x": 2.4810333333333334,
  "fwhm_y": 2.6464333333333334,
  "fwhm_z": 2.3007281462763562,
  "gcor": 0.171315,
  "gsr_x": 0.049141597002744675,
  "gsr_y": 0.0001340909511782229,
  "provenance": {
    "md5sum": "6149504f6e266b5c6907358ff6827c33",
    "settings": {
      "fd_thres": 0.2,
      "testing": false
    },
    "software": "mriqc",
    "version": "23.0.1",
    "webapi_port": null,
    "webapi_url": "https://mriqc.nimh.nih.gov/api/v1"
  },
  "size_t": 189,
  "size_x": 64,
  "size_y": 64,
  "size_z": 36,
  "snr": 3.506485571719342,
  "spacing_tr": 2.4000000953674316,
  "spacing_x": 3.0,
  "spacing_y": 3.0,
  "spacing_z": 3.749999761581421,
  "summary_bg_k": 18.378469105223843,
  "summary_bg_mad": 12.083298006110857,
  "summary_bg_mean": 49.17079162597656,
  "summary_bg_median": 29.674299240112305,
  "summary_bg_n": 89173.0,
  "summary_bg_p05": 21.02579574584961,
  "summary_bg_p95": 139.2463226318359,
  "summary_bg_stdv": 47.634124755859375,
  "summary_fg_k": -0.03934848348991471,
  "summary_fg_mad": 217.10435454751416,
  "summary_fg_mean": 737.8458862304688,
  "summary_fg_median": 731.4650268554688,
  "summary_fg_n": 25656.0,
  "summary_fg_p05": 416.7735061645508,
  "summary_fg_p95": 1099.6821594238281,
  "summary_fg_stdv": 208.59939575195312,
  "tsnr": 50.11602783203125
}