{
  "aor": 0.001117989417989418,
  "aqi": 0.011574106825396824,
  "bids_meta": {
    "AcquisitionMatrixPE": 64,
    "BodyPartExamined": "HEAD",
    "EchoTime": 0.03,
    "EffectiveEchoSpacing": 0.000510004,
    "FlipAngle": 90,
    "ImageType": [
      "ORIGINAL",
      "PRIMARY",
      "M",
      "ND",
      "MOSAIC"
    ],
    "InPlanePhaseEncodingDirectionDICOM": "ROW",
    "Instructions": "Lie still with eyes closed, don't keep yourself busy with any specific mental task, just follow the stream of your thoughts.",
    "MRAcquisitionType": "2D",
    "MagneticFieldStrength": 3,
    "Manufacturer": "Siemens",
    "ManufacturersModelName": "Verio",
    "PatientPosition": "HFS",
    "PercentPhaseFOV": 100,
    "PhaseEncodingDirection": "i",
    "PhaseEncodingSteps": 64,
    "ReconMatrixPE": 64,
    "RepetitionTime": 2.4,
    "ScanOptions": "FS",
    "ScanningSequence": "EP",
    "SequenceVariant": "SK",
    "SliceThickness": 3,
    "SliceTiming": [
      1.205,
      0,
      1.2725,
      0.0675,
      1.3375,
      0.135,
      1.405,
      0.2,
      1.4725,
      0.2675,
      1.54,
      0.335,
      1.605,
      0.4025,
      1.6725,
      0.4675,
      1.74,
      0.535,
      1.8075,
      0.6025,
      1.875,
      0.67,
      1.94,
      0.7375,
      2.0075,
      0.8025,
      2.075,
      0.87,
      2.1425,
      0.9375,
      2.2075,
      1.005,
      2.275,
      1.07,
      2.3425,
      1.1375
    ],
    "SpacingBetweenSlices": 3.75,
    "TaskName": "rest",
    "TotalReadoutTime": 0.0321303,
    "dataset": "ds004101",
    "modality": "bold",
    "session_id": "2post",
    "subject_id": "09380",
    "task_id": "rest"
  },
  "dummy_trs": 0,
  "dvars_nstd": 28.180021773031932,
  "dvars_std": 1.1115725174468083,
  "dvars_vstd": 0.9864040723936177,
  "efc": 0.5541574859552345,
  "fber": 527.0370483398438,
  "fd_mean": 0.15269763140956646,
  "fd_num": 43,
  "fd_perc": 22.75132275132275,
  "fwhm_avg": 1.8520935555555555,
  "fwhm_x": 1.83247,
  "fwhm_y": 1.9971866666666667,
  "fwhm_z": 1.7266240000000002,
  "gcor": 0.0278963,
  "gsr_x": -0.013978787697851658,
  "gsr_y": 0.04902892932295799,
  "provenance": {
    "md5sum": "5426e59d0f5ac2ddd81ff0a9d283cb32",
    "settings": {
      "fd_thres": 0.2,
      "testing": false
    },
    "software": "mriqc",
    "version": "23.0.1",
    "webapi_port": null,
    "webapi_url": "https://mriqc.nimh.nih.gov/api/v1"
  },
  "size_t": 189,
  "size_x": 64,
  "size_y": 64,
  "size_z": 36,
  "snr": 5.0294447189638385,
  "spacing_tr": 2.4000000953674316,
  "spacing_x": 3.0,
  "spacing_y": 3.0,
  "spacing_z": 3.75,
  "summary_bg_k": 59.23832863603107,
  "summary_bg_mad": 8.566223759844664,
  "summary_bg_mean": 60.91979217529297,
  "summary_bg_median": 35.97932434082031,
  "summary_bg_n": 86789.0,
  "summary_bg_p05": 29.322101593017578,
  "summary_bg_p95": 164.32128295898426,
  "summary_bg_stdv": 78.80216979980469,
  "summary_fg_k": 1.304447946310792,
  "summary_fg_mad": 145.1328125504709,
  "summary_fg_mean": 858.685546875,
  "summary_fg_median": 840.7781982421875,
  "summary_fg_n": 27210.0,
  "summary_fg_p05": 620.022006225586,
  "summary_fg_p95": 1160.0701904296875,
  "summary_fg_stdv": 167.16810607910156,
  "tsnr": 46.37778854370117
}