{
  "aor": 0.0011441798941798941,
  "aqi": 0.021949261375661375,
  "bids_meta": {
    "AcquisitionMatrixPE": 64,
    "BodyPartExamined": "HEAD",
    "EchoTime": 0.03,
    "EffectiveEchoSpacing": 0.000510004,
    "FlipAngle": 90,
    "ImageType": [
      "ORIGINAL",
      "PRIMARY",
      "M",
      "ND",
      "MOSAIC"
    ],
    "InPlanePhaseEncodingDirectionDICOM": "ROW",
    "Instructions": "Lie still with eyes closed, don't keep yourself busy with any specific mental task, just follow the stream of your thoughts.",
    "MRAcquisitionType": "2D",
    "MagneticFieldStrength": 3,
    "Manufacturer": "Siemens",
    "ManufacturersModelName": "Verio",
    "PatientPosition": "HFS",
    "PercentPhaseFOV": 100,
    "PhaseEncodingDirection": "i",
    "PhaseEncodingSteps": 64,
    "ReconMatrixPE": 64,
    "RepetitionTime": 2.4,
    "ScanOptions": "FS",
    "ScanningSequence": "EP",
    "SequenceVariant": "SK",
    "SliceThickness": 3,
    "SliceTiming": [
      1.205,
      0,
      1.2725,
      0.0675,
      1.3375,
      0.135,
      1.405,
      0.2,
      1.4725,
      0.2675,
      1.54,
      0.335,
      1.605,
      0.4025,
      1.6725,
      0.4675,
      1.74,
      0.535,
      1.8075,
      0.6025,
      1.875,
      0.67,
      1.94,
      0.7375,
      2.0075,
      0.8025,
      2.075,
      0.87,
      2.1425,
      0.9375,
      2.2075,
      1.005,
      2.275,
      1.07,
      2.3425,
      1.1375
    ],
    "SpacingBetweenSlices": 3.75,
    "TaskName": "rest",
    "TotalReadoutTime": 0.0321303,
    "dataset": "ds004101",
    "modality": "bold",
    "session_id": "1pre",
    "subject_id": "09160",
    "task_id": "rest"
  },
  "dummy_trs": 0,
  "dvars_nstd": 52.54970300936172,
  "dvars_std": 1.201664667712767,
  "dvars_vstd": 0.9685882364893614,
  "efc": 0.5641541722837935,
  "fber": 492.45147705078125,
  "fd_mean": 0.1881568501030654,
  "fd_num": 69,
  "fd_perc": 36.507936507936506,
  "fwhm_avg": 1.9462366666666666,
  "fwhm_x": 1.9049966666666667,
  "fwhm_y": 2.1144333333333334,
  "fwhm_z": 1.81928,
  "gcor": 0.0114043,
  "gsr_x": -0.007421459071338177,
  "gsr_y": 0.03811229020357132,
  "provenance": {
    "md5sum": "9f1035f32c24a4b5f84f494068951733",
    "settings": {
      "fd_thres": 0.2,
      "testing": false
    },
    "software": "mriqc",
    "version": "23.0.1",
    "webapi_port": null,
    "webapi_url": "https://mriqc.nimh.nih.gov/api/v1"
  },
  "size_t": 189,
  "size_x": 64,
  "size_y": 64,
  "size_z": 36,
  "snr": 5.4190464890360595,
  "spacing_tr": 2.4000000953674316,
  "spacing_x": 3.0,
  "spacing_y": 3.0,
  "spacing_z": 3.75,
  "summary_bg_k": 33.69359738091555,
  "summary_bg_mad": 10.29202015939481,
  "summary_bg_mean": 62.30268096923828,
  "summary_bg_median": 37.8901481628418,
  "summary_bg_n": 85939.0,
  "summary_bg_p05": 30.16548385620117,
  "summary_bg_p95": 175.71276550292967,
  "summary_bg_stdv": 71.87415313720703,
  "summary_fg_k": 1.666425728188993,
  "summary_fg_mad": 128.80278705897737,
  "summary_fg_mean": 865.8424682617188,
  "summary_fg_median": 855.0641479492188,
  "summary_fg_n": 28193.0,
  "summary_fg_p05": 628.0917602539063,
  "summary_fg_p95": 1144.4777099609373,
  "summary_fg_stdv": 157.78587341308594,
  "tsnr": 36.43206787109375
}